PATH
  remote: .
  specs:
    perimeter_x (2.3.2)
      concurrent-ruby (~> 1.0, >= 1.0.5)
      mustache (~> 1.0, >= 1.0.3)
      typhoeus (~> 1.1, >= 1.1.2)

GEM
  remote: https://rubygems.org/
  specs:
    ast (2.4.2)
    concurrent-ruby (1.1.10)
    diff-lcs (1.4.4)
    ethon (0.15.0)
      ffi (>= 1.15.0)
    ffi (1.15.5)
    json (2.6.2)
    mocha (1.11.2)
    mustache (1.1.1)
    parallel (1.22.1)
    parser (3.1.2.1)
      ast (~> 2.4.1)
    rainbow (3.1.1)
    rake (13.0.1)
    regexp_parser (2.5.0)
    rexml (3.2.5)
    rspec (3.9.0)
      rspec-core (~> 3.9.0)
      rspec-expectations (~> 3.9.0)
      rspec-mocks (~> 3.9.0)
    rspec-core (3.9.2)
      rspec-support (~> 3.9.3)
    rspec-expectations (3.9.2)
      diff-lcs (>= 1.2.0, < 2.0)
      rspec-support (~> 3.9.0)
    rspec-mocks (3.9.1)
      diff-lcs (>= 1.2.0, < 2.0)
      rspec-support (~> 3.9.0)
    rspec-support (3.9.3)
    rubocop (1.36.0)
      json (~> 2.3)
      parallel (~> 1.10)
      parser (>= 3.1.2.1)
      rainbow (>= 2.2.2, < 4.0)
      regexp_parser (>= 1.8, < 3.0)
      rexml (>= 3.2.5, < 4.0)
      rubocop-ast (>= 1.20.1, < 2.0)
      ruby-progressbar (~> 1.7)
      unicode-display_width (>= 1.4.0, < 3.0)
    rubocop-ast (1.21.0)
      parser (>= 3.1.1.0)
    ruby-progressbar (1.11.0)
    typhoeus (1.4.0)
      ethon (>= 0.9.0)
    unicode-display_width (2.2.0)

PLATFORMS
  ruby

DEPENDENCIES
  bundler (>= 2.1)
  mocha (~> 1.2, >= 1.2.1)
  perimeter_x!
  rake (~> 13.0)
  rspec (~> 3.0)
  rubocop (~> 1.36)

BUNDLED WITH
   2.1.4
