PATH
  remote: .
  specs:
    perimeter_x (1.4.0)
      activesupport (>= 4.2.0)
      concurrent-ruby (~> 1.0, >= 1.0.5)
      mustache (~> 1.0, >= 1.0.3)
      typhoeus (~> 1.1, >= 1.1.2)

GEM
  remote: https://rubygems.org/
  specs:
    activesupport (5.2.4.3)
      concurrent-ruby (~> 1.0, >= 1.0.2)
      i18n (>= 0.7, < 2)
      minitest (~> 5.1)
      tzinfo (~> 1.1)
    concurrent-ruby (1.1.6)
    diff-lcs (1.3)
    ethon (0.10.1)
      ffi (>= 1.3.0)
    ffi (1.9.18)
    i18n (1.8.3)
      concurrent-ruby (~> 1.0)
    metaclass (0.0.4)
    minitest (5.14.1)
    mocha (1.2.1)
      metaclass (~> 0.0.1)
    mustache (1.0.5)
    rake (10.4.2)
    rspec (3.5.0)
      rspec-core (~> 3.5.0)
      rspec-expectations (~> 3.5.0)
      rspec-mocks (~> 3.5.0)
    rspec-core (3.5.4)
      rspec-support (~> 3.5.0)
    rspec-expectations (3.5.0)
      diff-lcs (>= 1.2.0, < 2.0)
      rspec-support (~> 3.5.0)
    rspec-mocks (3.5.0)
      diff-lcs (>= 1.2.0, < 2.0)
      rspec-support (~> 3.5.0)
    rspec-support (3.5.0)
    thread_safe (0.3.6)
    typhoeus (1.1.2)
      ethon (>= 0.9.0)
    tzinfo (1.2.7)
      thread_safe (~> 0.1)

PLATFORMS
  ruby

DEPENDENCIES
  bundler (~> 1.14)
  mocha (~> 1.2, >= 1.2.1)
  perimeter_x!
  rake (~> 10.0)
  rspec (~> 3.0)

BUNDLED WITH
   1.14.6
