PATH
  remote: .
  specs:
    perimeter_x (2.3.1)
      concurrent-ruby (~> 1.0, >= 1.0.5)
      mustache (~> 1.0, >= 1.0.3)
      typhoeus (~> 1.1, >= 1.1.2)

GEM
  remote: https://rubygems.org/
  specs:
    concurrent-ruby (1.1.10)
    diff-lcs (1.4.4)
    ethon (0.15.0)
      ffi (>= 1.15.0)
    ffi (1.15.5)
    mocha (1.11.2)
    mustache (1.1.1)
    rake (13.0.1)
    rspec (3.9.0)
      rspec-core (~> 3.9.0)
      rspec-expectations (~> 3.9.0)
      rspec-mocks (~> 3.9.0)
    rspec-core (3.9.2)
      rspec-support (~> 3.9.3)
    rspec-expectations (3.9.2)
      diff-lcs (>= 1.2.0, < 2.0)
      rspec-support (~> 3.9.0)
    rspec-mocks (3.9.1)
      diff-lcs (>= 1.2.0, < 2.0)
      rspec-support (~> 3.9.0)
    rspec-support (3.9.3)
    typhoeus (1.4.0)
      ethon (>= 0.9.0)

PLATFORMS
  ruby

DEPENDENCIES
  bundler (>= 2.1)
  mocha (~> 1.2, >= 1.2.1)
  perimeter_x!
  rake (>= 12.3)
  rspec (~> 3.0)

BUNDLED WITH
   2.1.4
